PATH
  remote: .
  specs:
    deprecation (0.0.1)

GEM
  remote: https://rubygems.org/
  specs:
    rake (10.5.0)

PLATFORMS
  ruby

DEPENDENCIES
  bundler (~> 1.9)
  deprecation!
  rake (~> 10.3)

BUNDLED WITH
   1.10.6
